PATH
  remote: .
  specs:
    babascript (0.2.6)
      args_parser
      faraday
      json

GEM
  remote: https://rubygems.org/
  specs:
    args_parser (0.2.0)
    concurrent-ruby (1.0.2)
    concurrent-ruby-edge (0.2.2)
      concurrent-ruby (~> 1.0.2)
    diff-lcs (1.2.5)
    event_emitter (0.2.5)
    faraday (0.10.0)
      multipart-post (>= 1.2, < 3)
    hashie (3.4.6)
    httparty (0.14.0)
      multi_xml (>= 0.5.2)
    json (2.0.2)
    linda-socket.io-client (0.0.4)
      event_emitter
      hashie
      json
      socket.io-client-simple (>= 0.0.5)
    multi_xml (0.6.0)
    multipart-post (2.0.0)
    rake (10.1.0)
    rspec (3.5.0)
      rspec-core (~> 3.5.0)
      rspec-expectations (~> 3.5.0)
      rspec-mocks (~> 3.5.0)
    rspec-core (3.5.4)
      rspec-support (~> 3.5.0)
    rspec-expectations (3.5.0)
      diff-lcs (>= 1.2.0, < 2.0)
      rspec-support (~> 3.5.0)
    rspec-mocks (3.5.0)
      diff-lcs (>= 1.2.0, < 2.0)
      rspec-support (~> 3.5.0)
    rspec-support (3.5.0)
    socket.io-client-simple (1.2.1)
      event_emitter
      httparty
      json
      websocket-client-simple (~> 0.3.0)
    websocket (1.2.3)
    websocket-client-simple (0.3.0)
      event_emitter
      websocket

PLATFORMS
  ruby

DEPENDENCIES
  babascript!
  bundler (~> 1.13)
  concurrent-ruby-edge
  linda-socket.io-client
  rake (~> 10.0)
  rspec (~> 3.0)

BUNDLED WITH
   1.13.6
